GEM
  remote: http://rubygems.org/
  specs:
    cmdparse (2.0.2)
    compass (0.10.2)
      haml (>= 3.0.4)
    compass-960-plugin (0.9.13)
      compass (>= 0.10.0.rc3)
    haml (3.0.18)
    kramdown (0.10.0)
    rake (0.8.7)
    webgen (0.5.14)
      cmdparse (>= 2.0.2)
      kramdown (= 0.10.0)

PLATFORMS
  ruby

DEPENDENCIES
  compass (= 0.10.2)
  compass-960-plugin
  rake
  webgen
